GEM
  remote: https://rubygems.org/
  specs:
    benchmark-ips (2.7.2)
    minitest (5.10.1)

PLATFORMS
  ruby

DEPENDENCIES
  benchmark-ips
  minitest

BUNDLED WITH
   1.13.7
